PATH
  remote: .
  specs:
    dflat (0.3.0)
      anvl
      checkm
      lockit
      namaste

GEM
  remote: https://rubygems.org/
  specs:
    ZenTest (4.9.3)
    anvl (0.3.0)
    checkm (0.1.1)
    diff-lcs (1.1.3)
    i18n (0.6.0)
    lockit (0.1.2)
    namaste (0.3.0)
      i18n
    rake (0.9.2.2)
    redgreen (1.2.2)
    rspec (2.11.0)
      rspec-core (~> 2.11.0)
      rspec-expectations (~> 2.11.0)
      rspec-mocks (~> 2.11.0)
    rspec-core (2.11.1)
    rspec-expectations (2.11.2)
      diff-lcs (~> 1.1.3)
    rspec-mocks (2.11.2)
    yard (0.8.2.1)

PLATFORMS
  ruby

DEPENDENCIES
  ZenTest
  bundler
  dflat!
  rake
  redgreen
  rspec
  yard
